PATH
  remote: .
  specs:
    ey_api_hmac (0.0.8.pre)
      json
      rack-client

GEM
  remote: http://rubygems.org/
  specs:
    diff-lcs (1.1.2)
    halorgium-auth-hmac (1.1.1.2010100601)
    json (1.5.3)
    rack (1.3.2)
    rack-client (0.4.0)
      rack (>= 1.0.0)
    rack-contrib (1.1.0)
      rack (>= 0.9.1)
    rake (0.9.2)
    rspec (2.6.0)
      rspec-core (~> 2.6.0)
      rspec-expectations (~> 2.6.0)
      rspec-mocks (~> 2.6.0)
    rspec-core (2.6.4)
    rspec-expectations (2.6.0)
      diff-lcs (~> 1.1.2)
    rspec-mocks (2.6.0)

PLATFORMS
  ruby

DEPENDENCIES
  ey_api_hmac!
  halorgium-auth-hmac
  json
  rack-client
  rack-contrib
  rake
  rspec
